NRRD0004
# Complete NRRD file format specification at:
# http://teem.sourceforge.net/nrrd/format.html
type: float
dimension: 3
space: left-posterior-superior
sizes: 240 240 155
space directions: (-1,0,0) (0,-1,0) (0,0,1)
kinds: domain domain domain
endian: little
encoding: raw
space origin: (0,0,0)
data file: atlasFAMap.raw
